STORAGE: NONE
RESTRICTION: == net6.0
NUGET
  remote: https://api.nuget.org/v3/index.json
    Argu (6.1.1)
      FSharp.Core (>= 4.3.2)
      System.Configuration.ConfigurationManager (>= 4.4)
    coverlet.collector (3.1.2)
    FSharp.Core (6.0.6) - content: none
    Microsoft.CodeCoverage (17.3.1)
    Microsoft.NET.Test.Sdk (17.3.1)
      Microsoft.CodeCoverage (>= 17.3.1)
      Microsoft.TestPlatform.TestHost (>= 17.3.1)
    Microsoft.NETCore.Platforms (6.0.5)
    Microsoft.TestPlatform.ObjectModel (17.3.1)
      NuGet.Frameworks (>= 5.11)
      System.Reflection.Metadata (>= 1.6)
    Microsoft.TestPlatform.TestHost (17.3.1)
      Microsoft.TestPlatform.ObjectModel (>= 17.3.1)
      Newtonsoft.Json (>= 9.0.1)
    Microsoft.Win32.Registry (5.0)
      System.Security.AccessControl (>= 5.0)
      System.Security.Principal.Windows (>= 5.0)
    Microsoft.Win32.SystemEvents (6.0.1)
    NETStandard.Library (2.0.3)
      Microsoft.NETCore.Platforms (>= 1.1)
    Newtonsoft.Json (13.0.1)
    NuGet.Frameworks (6.3)
    System.Collections.Immutable (6.0)
      System.Runtime.CompilerServices.Unsafe (>= 6.0)
    System.Configuration.ConfigurationManager (6.0.1)
      System.Security.Cryptography.ProtectedData (>= 6.0)
      System.Security.Permissions (>= 6.0)
    System.Drawing.Common (6.0)
      Microsoft.Win32.SystemEvents (>= 6.0)
    System.Reflection.Metadata (6.0.1)
      System.Collections.Immutable (>= 6.0)
    System.Runtime.CompilerServices.Unsafe (6.0)
    System.Security.AccessControl (6.0)
    System.Security.Cryptography.ProtectedData (6.0)
    System.Security.Permissions (6.0)
      System.Security.AccessControl (>= 6.0)
      System.Windows.Extensions (>= 6.0)
    System.Security.Principal.Windows (5.0)
    System.Windows.Extensions (6.0)
      System.Drawing.Common (>= 6.0)
    xunit (2.4.2)
      xunit.analyzers (>= 1.0)
      xunit.assert (>= 2.4.2)
      xunit.core (2.4.2)
    xunit.abstractions (2.0.3)
    xunit.analyzers (1.0)
    xunit.assert (2.4.2)
      NETStandard.Library (>= 1.6.1)
    xunit.core (2.4.2)
      xunit.extensibility.core (2.4.2)
      xunit.extensibility.execution (2.4.2)
    xunit.extensibility.core (2.4.2)
      NETStandard.Library (>= 1.6.1)
      xunit.abstractions (>= 2.0.3)
    xunit.extensibility.execution (2.4.2)
      NETStandard.Library (>= 1.6.1)
      xunit.extensibility.core (2.4.2)
    xunit.runner.visualstudio (2.4.5)
